GIT
  remote: git://github.com/capistrano/maintenance.git
  revision: b31962d2ac134fae5e2f536380956a1042895c1e
  specs:
    capistrano-maintenance (1.0.0)
      capistrano (>= 3.0)

GIT
  remote: git://github.com/seuros/capistrano-sidekiq.git
  revision: 0794cf99be7bfe7f3e6828c4965db135d7e1c20b
  specs:
    capistrano-sidekiq (0.5.4)
      capistrano
      sidekiq (>= 3.4)

GEM
  remote: https://rubygems.org/
  specs:
    actionmailer (4.1.13)
      actionpack (= 4.1.13)
      actionview (= 4.1.13)
      mail (~> 2.5, >= 2.5.4)
    actionpack (4.1.13)
      actionview (= 4.1.13)
      activesupport (= 4.1.13)
      rack (~> 1.5.2)
      rack-test (~> 0.6.2)
    actionview (4.1.13)
      activesupport (= 4.1.13)
      builder (~> 3.1)
      erubis (~> 2.7.0)
    activemodel (4.1.13)
      activesupport (= 4.1.13)
      builder (~> 3.1)
    activerecord (4.1.13)
      activemodel (= 4.1.13)
      activesupport (= 4.1.13)
      arel (~> 5.0.0)
    activesupport (4.1.13)
      i18n (~> 0.6, >= 0.6.9)
      json (~> 1.7, >= 1.7.7)
      minitest (~> 5.1)
      thread_safe (~> 0.1)
      tzinfo (~> 1.1)
    angular-ui-bootstrap-rails (0.12.1)
    arel (5.0.1.20140414130214)
    autoprefixer-rails (6.3.3.1)
      execjs
    bcrypt (3.1.11)
    binding_of_caller (0.7.2)
      debug_inspector (>= 0.0.1)
    bootstrap-sass (3.3.4.1)
      autoprefixer-rails (>= 5.0.0.1)
      sass (>= 3.2.19)
    bower-rails (0.10.0)
    builder (3.2.2)
    cap-deploy-tagger (0.2.0)
    capistrano (3.4.0)
      i18n
      rake (>= 10.0.0)
      sshkit (~> 1.3)
    capistrano-bundler (1.1.4)
      capistrano (~> 3.1)
      sshkit (~> 1.2)
    capistrano-rails (1.1.6)
      capistrano (~> 3.1)
      capistrano-bundler (~> 1.1)
    capistrano-rbenv (2.0.4)
      capistrano (~> 3.1)
      sshkit (~> 1.3)
    capistrano-secrets-yml (1.0.0)
      capistrano (>= 3.1)
      sshkit (>= 1.2.0)
    capistrano3-unicorn (0.2.1)
      capistrano (~> 3.1, >= 3.1.0)
    chronic (0.10.2)
    climate_control (0.0.3)
      activesupport (>= 3.0)
    cocaine (0.5.7)
      climate_control (>= 0.0.3, < 1.0)
    coffee-rails (4.0.1)
      coffee-script (>= 2.2.0)
      railties (>= 4.0.0, < 5.0)
    coffee-script (2.4.1)
      coffee-script-source
      execjs
    coffee-script-source (1.10.0)
    concurrent-ruby (1.0.1)
    connection_pool (2.2.0)
    debug_inspector (0.0.2)
    delayed_job (4.1.1)
      activesupport (>= 3.0, < 5.0)
    delayed_job_active_record (4.1.0)
      activerecord (>= 3.0, < 5)
      delayed_job (>= 3.0, < 5)
    devise (3.5.6)
      bcrypt (~> 3.0)
      orm_adapter (~> 0.1)
      railties (>= 3.2.6, < 5)
      responders
      thread_safe (~> 0.1)
      warden (~> 1.2.3)
    erubis (2.7.0)
    execjs (2.6.0)
    font-awesome-rails (4.4.0.0)
      railties (>= 3.2, < 5.0)
    font-awesome-sass (4.5.0)
      sass (>= 3.2)
    hike (1.2.3)
    hpricot (0.8.6)
    html2slim (0.2.0)
      hpricot
    humanizer (2.6.2)
    i18n (0.7.0)
    jbuilder (2.4.1)
      activesupport (>= 3.0.0, < 5.1)
      multi_json (~> 1.2)
    jquery-rails (3.1.4)
      railties (>= 3.0, < 5.0)
      thor (>= 0.14, < 2.0)
    json (1.8.3)
    kaminari (0.16.3)
      actionpack (>= 3.0.0)
      activesupport (>= 3.0.0)
    kgio (2.10.0)
    mail (2.6.3)
      mime-types (>= 1.16, < 3)
    mime-types (2.99.1)
    mimemagic (0.3.0)
    minitest (5.8.4)
    multi_json (1.11.2)
    mysql2 (0.3.20)
    net-scp (1.2.1)
      net-ssh (>= 2.6.5)
    net-ssh (3.1.1)
    orm_adapter (0.5.0)
    paperclip (4.3.1)
      activemodel (>= 3.2.0)
      activesupport (>= 3.2.0)
      cocaine (~> 0.5.5)
      mime-types
      mimemagic (= 0.3.0)
    rack (1.5.5)
    rack-test (0.6.3)
      rack (>= 1.0)
    rails (4.1.13)
      actionmailer (= 4.1.13)
      actionpack (= 4.1.13)
      actionview (= 4.1.13)
      activemodel (= 4.1.13)
      activerecord (= 4.1.13)
      activesupport (= 4.1.13)
      bundler (>= 1.3.0, < 2.0)
      railties (= 4.1.13)
      sprockets-rails (~> 2.0)
    rails-assets-angular (1.2.28)
    rails-assets-angular-cache (4.3.2)
      rails-assets-angular (>= 1)
    rails-assets-angular-sanitize (1.2.28)
      rails-assets-angular (= 1.2.28)
    rails-assets-angular-translate (2.8.0)
      rails-assets-angular (>= 1.2.26, <= 1.5)
    rails-assets-angular-ui-router (0.2.15)
      rails-assets-angular (>= 1.0.8)
    rails-assets-lodash (3.10.1)
    railties (4.1.13)
      actionpack (= 4.1.13)
      activesupport (= 4.1.13)
      rake (>= 0.8.7)
      thor (>= 0.18.1, < 2.0)
    raindrops (0.15.0)
    rake (11.0.1)
    rdoc (4.2.2)
      json (~> 1.4)
    redis (3.2.2)
    responders (1.1.2)
      railties (>= 3.2, < 4.2)
    sass (3.2.19)
    sass-rails (4.0.5)
      railties (>= 4.0.0, < 5.0)
      sass (~> 3.2.2)
      sprockets (~> 2.8, < 3.0)
      sprockets-rails (~> 2.0)
    sdoc (0.4.1)
      json (~> 1.7, >= 1.7.7)
      rdoc (~> 4.0)
    sidekiq (4.1.1)
      concurrent-ruby (~> 1.0)
      connection_pool (~> 2.2, >= 2.2.0)
      redis (~> 3.2, >= 3.2.1)
    simple-line-icons-rails (0.0.1)
      railties (>= 3.2, < 5.0)
    slim (2.0.3)
      temple (~> 0.6.6)
      tilt (>= 1.3.3, < 2.1)
    slim-rails (2.1.5)
      actionpack (>= 3.0, < 4.2)
      activesupport (>= 3.0, < 4.2)
      railties (>= 3.0, < 4.2)
      slim (~> 2.0)
    spring (1.6.4)
    sprockets (2.12.4)
      hike (~> 1.2)
      multi_json (~> 1.0)
      rack (~> 1.0)
      tilt (~> 1.1, != 1.3.0)
    sprockets-rails (2.3.3)
      actionpack (>= 3.0)
      activesupport (>= 3.0)
      sprockets (>= 2.8, < 4.0)
    sshkit (1.9.0)
      net-scp (>= 1.1.2)
      net-ssh (>= 2.8.0)
    temple (0.6.10)
    thor (0.19.1)
    thread_safe (0.3.5)
    tilt (1.4.1)
    turbolinks (2.5.3)
      coffee-rails
    tzinfo (1.2.2)
      thread_safe (~> 0.1)
    uglifier (2.7.2)
      execjs (>= 0.3.0)
      json (>= 1.8.0)
    unicorn (4.9.0)
      kgio (~> 2.6)
      rack
      raindrops (~> 0.7)
    warden (1.2.6)
      rack (>= 1.0)
    web-console (2.3.0)
      activemodel (>= 4.0)
      binding_of_caller (>= 0.7.2)
      railties (>= 4.0)
      sprockets-rails (>= 2.0, < 4.0)
    whenever (0.9.4)
      chronic (>= 0.6.3)

PLATFORMS
  ruby

DEPENDENCIES
  angular-ui-bootstrap-rails (~> 0.12.0)
  bootstrap-sass (= 3.3.4.1)
  bower-rails
  cap-deploy-tagger
  capistrano (~> 3.4)
  capistrano-bundler
  capistrano-maintenance!
  capistrano-rails (~> 1.1)
  capistrano-rbenv (~> 2.0)
  capistrano-secrets-yml (~> 1.0.0)
  capistrano-sidekiq!
  capistrano3-unicorn
  coffee-rails (~> 4.0.0)
  delayed_job_active_record
  devise
  font-awesome-rails
  font-awesome-sass
  html2slim
  humanizer
  jbuilder (~> 2.0)
  jquery-rails
  kaminari
  mysql2 (~> 0.3.18)
  paperclip
  rails (= 4.1.13)
  rails-assets-angular (~> 1.2.0)
  rails-assets-angular-cache
  rails-assets-angular-sanitize
  rails-assets-angular-translate
  rails-assets-angular-ui-router (~> 0.2.9)
  rails-assets-lodash
  sass-rails (~> 4.0.3)
  sdoc (~> 0.4.0)
  simple-line-icons-rails
  slim (~> 2.0.2)
  slim-rails
  spring
  sprockets-rails
  turbolinks
  uglifier (>= 1.3.0)
  unicorn
  web-console (~> 2.0)
  whenever

BUNDLED WITH
   1.10.6
